PATH
  remote: .
  specs:
    cqm-parsers (1.0.0)
      activesupport (~> 5.1.6)
      builder (~> 3.1)
      erubis (~> 2.7.0)
      highline (~> 1.7.0)
      log4r (~> 1.1.10)
      memoist (~> 0.9.1)
      mongoid (~> 6.4.2)
      mongoid-tree (~> 2.1.0)
      nokogiri (~> 1.8.3)
      rest-client (~> 1.8.0)
      rubyzip (~> 1.2.2)
      uuid (~> 2.3.7)
      zip-zip (~> 0.3)

GEM
  remote: https://rubygems.org/
  specs:
    activemodel (5.1.6)
      activesupport (= 5.1.6)
    activesupport (5.1.6)
      concurrent-ruby (~> 1.0, >= 1.0.2)
      i18n (>= 0.7, < 2)
      minitest (~> 5.1)
      tzinfo (~> 1.1)
    addressable (2.5.2)
      public_suffix (>= 2.0.2, < 4.0)
    ansi (1.5.0)
    ast (2.4.0)
    awesome_print (1.8.0)
    bson (4.3.0)
    builder (3.2.3)
    bundler-audit (0.6.0)
      bundler (~> 1.2)
      thor (~> 0.18)
    byebug (6.0.2)
    cane (2.3.0)
      parallel
    concurrent-ruby (1.0.5)
    cqm-models (0.8.4)
    crack (0.4.3)
      safe_yaml (~> 1.0.0)
    docile (1.3.1)
    domain_name (0.5.20180417)
      unf (>= 0.0.5, < 1.0.0)
    erubis (2.7.0)
    factory_girl (4.1.0)
      activesupport (>= 3.0.0)
    hashdiff (0.3.7)
    highline (1.7.10)
    http-cookie (1.0.3)
      domain_name (~> 0.5)
    i18n (1.1.1)
      concurrent-ruby (~> 1.0)
    json (2.1.0)
    log4r (1.1.10)
    log_switch (1.0.0)
    macaddr (1.7.1)
      systemu (~> 2.6.2)
    memoist (0.9.3)
    mime-types (2.99.3)
    mini_portile2 (2.3.0)
    minitest (5.11.3)
    minitest-reporters (1.3.5)
      ansi
      builder
      minitest (>= 5.0)
      ruby-progressbar
    mongo (2.6.2)
      bson (>= 4.3.0, < 5.0.0)
    mongoid (6.4.2)
      activemodel (>= 5.1, < 6.0.0)
      mongo (>= 2.5.1, < 3.0.0)
    mongoid-tree (2.1.1)
      mongoid (>= 4.0, < 8)
    mustache (1.0.5)
    netrc (0.11.0)
    nokogiri (1.8.5)
      mini_portile2 (~> 2.3.0)
    parallel (1.12.1)
    parser (2.5.1.2)
      ast (~> 2.4.0)
    powerpack (0.1.2)
    public_suffix (3.0.3)
    rainbow (3.0.0)
    rake (12.3.1)
    rest-client (1.8.0)
      http-cookie (>= 1.0.2, < 2.0)
      mime-types (>= 1.16, < 3.0)
      netrc (~> 0.7)
    rubocop (0.52.1)
      parallel (~> 1.10)
      parser (>= 2.4.0.2, < 3.0)
      powerpack (~> 0.1)
      rainbow (>= 2.2.2, < 4.0)
      ruby-progressbar (~> 1.7)
      unicode-display_width (~> 1.0, >= 1.0.1)
    ruby-progressbar (1.10.0)
    rubyzip (1.2.2)
    safe_yaml (1.0.4)
    simplecov (0.16.1)
      docile (~> 1.1)
      json (>= 1.8, < 3)
      simplecov-html (~> 0.10.0)
    simplecov-html (0.10.2)
    systemu (2.6.5)
    tailor (1.1.5)
      log_switch (>= 0.3.0)
      term-ansicolor (>= 1.0.5)
      text-table (>= 1.2.2)
    term-ansicolor (1.6.0)
      tins (~> 1.0)
    text-table (1.2.4)
    thor (0.20.0)
    thread_safe (0.3.6)
    tins (1.16.3)
    tzinfo (1.2.5)
      thread_safe (~> 0.1)
    unf (0.1.4)
      unf_ext
    unf_ext (0.0.7.5)
    unicode-display_width (1.4.0)
    uuid (2.3.9)
      macaddr (~> 1.0)
    webmock (3.4.2)
      addressable (>= 2.3.6)
      crack (>= 0.3.2)
      hashdiff
    zip-zip (0.3)
      rubyzip (>= 1.0.0)

PLATFORMS
  ruby

DEPENDENCIES
  awesome_print
  bundler-audit
  byebug (~> 6.0.2)
  cane (~> 2.3.0)
  cqm-models (~> 0.8.4)
  cqm-parsers!
  factory_girl (~> 4.1.0)
  minitest (~> 5.3)
  minitest-reporters
  mongoid (~> 6.4.2)
  mustache
  rake
  rubocop (~> 0.52.1)
  simplecov
  tailor (~> 1.1.2)
  webmock

BUNDLED WITH
   1.16.6
